GEM
  remote: https://rubygems.org/
  specs:
    coderay (1.1.3)
    json (2.5.1)
    method_source (1.0.0)
    nokogiri (1.11.7-x86_64-darwin)
      racc (~> 1.4)
    open-uri (0.1.0)
    pry (0.14.1)
      coderay (~> 1.1)
      method_source (~> 1.0)
    racc (1.5.2)
    require_relative (1.0.3)

PLATFORMS
  x86_64-darwin-20

DEPENDENCIES
  bundler
  json
  nokogiri
  open-uri
  pry
  require_relative

BUNDLED WITH
   2.2.17
